GEM
  remote: https://rubygems.org/
  specs:
    breakpoint (2.7.0)
      sass (~> 3.3)
      sassy-maps (< 1.0.0)
    hologram (1.4.0)
      redcarpet (>= 2.2, < 4.0)
      rouge (>= 1.5)
    redcarpet (3.3.4)
    rouge (1.11.0)
    sass (3.4.22)
    sass-css-importer (1.0.0.beta.0)
      sass (>= 3.1)
    sass-globbing-pr-20 (1.1.2)
      sass (>= 3.1)
    sassy-maps (0.4.0)
      sass (~> 3.3)
    susy (2.2.12)
      sass (>= 3.3.0, < 3.5)

PLATFORMS
  ruby

DEPENDENCIES
  breakpoint
  hologram
  sass
  sass-css-importer
  sass-globbing-pr-20 (~> 1.1.2)
  susy

BUNDLED WITH
   1.12.5
